PATH
  remote: .
  specs:
    html-proofer (0.0.16)
      colored (~> 1.2)
      nokogiri (= 1.6.0)
      typhoeus (~> 0.6.3)

GEM
  remote: http://rubygems.org/
  specs:
    activesupport (4.0.0)
      i18n (~> 0.6, >= 0.6.4)
      minitest (~> 4.2)
      multi_json (~> 1.3)
      thread_safe (~> 0.1)
      tzinfo (~> 0.3.37)
    atomic (1.1.14)
    colored (1.2)
    diff-lcs (1.2.4)
    escape_utils (0.3.2)
    ethon (0.6.1)
      ffi (>= 1.3.0)
      mime-types (~> 1.18)
    ffi (1.9.0)
    gemoji (1.4.0)
    github-markdown (0.5.5)
    html-pipeline (0.0.14)
      activesupport (>= 2)
      escape_utils (~> 0.3)
      gemoji (~> 1.0)
      github-markdown (~> 0.5)
      nokogiri (~> 1.4)
      rinku (~> 1.7)
      sanitize (~> 2.0)
    i18n (0.6.5)
    mime-types (1.25)
    mini_portile (0.5.1)
    minitest (4.7.5)
    multi_json (1.8.1)
    nokogiri (1.6.0)
      mini_portile (~> 0.5.0)
    rake (10.1.0)
    rinku (1.7.3)
    rspec (2.13.0)
      rspec-core (~> 2.13.0)
      rspec-expectations (~> 2.13.0)
      rspec-mocks (~> 2.13.0)
    rspec-core (2.13.1)
    rspec-expectations (2.13.0)
      diff-lcs (>= 1.1.3, < 2.0)
    rspec-mocks (2.13.1)
    sanitize (2.0.6)
      nokogiri (>= 1.4.4)
    thread_safe (0.1.3)
      atomic
    typhoeus (0.6.5)
      ethon (~> 0.6.1)
    tzinfo (0.3.38)

PLATFORMS
  ruby

DEPENDENCIES
  html-pipeline (~> 0.0.12)
  html-proofer!
  rake
  rspec (~> 2.13.0)
